GEM
  remote: http://rubygems.org/
  remote: http://gemcutter.org/
  remote: http://gems.github.com/
  specs:
    abstract (1.0.0)
    actionmailer (3.0.3)
      actionpack (= 3.0.3)
      mail (~> 2.2.9)
    actionpack (3.0.3)
      activemodel (= 3.0.3)
      activesupport (= 3.0.3)
      builder (~> 2.1.2)
      erubis (~> 2.6.6)
      i18n (~> 0.4)
      rack (~> 1.2.1)
      rack-mount (~> 0.6.13)
      rack-test (~> 0.5.6)
      tzinfo (~> 0.3.23)
    activemodel (3.0.3)
      activesupport (= 3.0.3)
      builder (~> 2.1.2)
      i18n (~> 0.4)
    activerecord (3.0.3)
      activemodel (= 3.0.3)
      activesupport (= 3.0.3)
      arel (~> 2.0.2)
      tzinfo (~> 0.3.23)
    activeresource (3.0.3)
      activemodel (= 3.0.3)
      activesupport (= 3.0.3)
    activesupport (3.0.3)
    annotate (2.4.0)
    arel (2.0.4)
    authlogic (2.1.6)
      activesupport
    awesome_print (0.3.1)
    bson (1.1.3)
    bson_ext (1.1.3)
    builder (2.1.2)
    cancan (1.4.1)
    capistrano (2.5.19)
      highline
      net-scp (>= 1.0.0)
      net-sftp (>= 2.0.0)
      net-ssh (>= 2.0.14)
      net-ssh-gateway (>= 1.0.0)
    capistrano-ext (1.2.1)
      capistrano (>= 1.0.0)
    carrierwave (0.5.0)
      activesupport (~> 3.0.0)
    cgi_multipart_eof_fix (2.5.0)
    columnize (0.3.2)
    daemons (1.1.0)
    diff-lcs (1.1.2)
    erubis (2.6.6)
      abstract (>= 1.0.0)
    faker (0.3.1)
    fastthread (1.0.7)
    formtastic (1.1.0)
      actionpack (>= 2.3.0)
      activesupport (>= 2.3.0)
      i18n (>= 0.4.0)
    gem_plugin (0.2.3)
    geokit (1.5.0)
    git (1.2.5)
    globalize3 (0.0.10)
      activemodel (>= 3.0.0)
      activerecord (>= 3.0.0)
    highline (1.6.1)
    i18n (0.5.0)
    jeweler (1.5.1)
      bundler (~> 1.0.0)
      git (>= 1.2.5)
      rake
    linecache (0.43)
    machinist (1.0.6)
    machinist_mongo (1.1.1)
      machinist (~> 1.0.4)
    mail (2.2.11)
      activesupport (>= 2.3.6)
      i18n (~> 0.5.0)
      mime-types (~> 1.16)
      treetop (~> 1.4.8)
    meta_search (0.9.10)
      actionpack (~> 3.0.2)
      activerecord (~> 3.0.2)
      activesupport (~> 3.0.2)
      arel (~> 2.0.2)
    mime-types (1.16)
    mocha (0.9.10)
      rake
    mongo (1.1.3)
      bson (>= 1.1.1)
    mongoid (2.0.0.beta.20)
      activemodel (~> 3.0)
      mongo (~> 1.1)
      tzinfo (~> 0.3.22)
      will_paginate (~> 3.0.pre)
    mongoid_i18n (0.1.8)
      bson_ext
      bundler
      jeweler
      mocha
      mongoid (>= 2.0.0.beta.20)
      mongoid (>= 2.0.0.beta.9)
      rspec (>= 2.0.0.beta.8)
    mongrel (1.1.5)
      cgi_multipart_eof_fix (>= 2.4)
      daemons (>= 1.0.3)
      fastthread (>= 1.0.1)
      gem_plugin (>= 0.2.3)
    mysql2 (0.2.6)
    net-scp (1.0.4)
      net-ssh (>= 1.99.1)
    net-sftp (2.0.5)
      net-ssh (>= 2.0.9)
    net-ssh (2.0.23)
    net-ssh-gateway (1.0.1)
      net-ssh (>= 1.99.1)
    paperclip (2.3.5)
      activerecord
      activesupport
    polyglot (0.3.1)
    rack (1.2.1)
    rack-mount (0.6.13)
      rack (>= 1.0.0)
    rack-test (0.5.6)
      rack (>= 1.0)
    rails (3.0.3)
      actionmailer (= 3.0.3)
      actionpack (= 3.0.3)
      activerecord (= 3.0.3)
      activeresource (= 3.0.3)
      activesupport (= 3.0.3)
      bundler (~> 1.0)
      railties (= 3.0.3)
    railties (3.0.3)
      actionpack (= 3.0.3)
      activesupport (= 3.0.3)
      rake (>= 0.8.7)
      thor (~> 0.14.4)
    rake (0.8.7)
    rspec (2.2.0)
      rspec-core (~> 2.2)
      rspec-expectations (~> 2.2)
      rspec-mocks (~> 2.2)
    rspec-core (2.2.1)
    rspec-expectations (2.2.0)
      diff-lcs (~> 1.1.2)
    rspec-mocks (2.2.0)
    rspec-rails (2.2.0)
      rails (~> 3.0.0)
      rspec (~> 2.2)
    ruby-debug (0.10.4)
      columnize (>= 0.1)
      ruby-debug-base (~> 0.10.4.0)
    ruby-debug-base (0.10.4)
      linecache (>= 0.3)
    thor (0.14.6)
    treetop (1.4.9)
      polyglot (>= 0.3.1)
    tzinfo (0.3.23)
    will_paginate (3.0.pre2)
    ya2yaml (0.30)

PLATFORMS
  ruby

DEPENDENCIES
  annotate
  authlogic (>= 2.1.6)
  awesome_print
  bson_ext
  cancan (>= 1.3.4)
  capistrano
  capistrano-ext
  carrierwave
  faker
  formtastic (~> 1.1.0)
  geokit (>= 1.5.0)
  globalize3
  machinist_mongo
  meta_search
  mongoid (= 2.0.0.beta.20)
  mongoid_i18n
  mongrel
  mysql2 (~> 0.2.6)
  paperclip (= 2.3.5)
  rails (= 3.0.3)
  rspec-rails (>= 2.0.0.beta.20)
  ruby-debug
  will_paginate
  ya2yaml
